PATH
  remote: .
  specs:
    gatherer (0.0.3)
      httparty (~> 0.9.0)
      nokogiri (~> 1.5.5)

GEM
  remote: http://rubygems.org/
  specs:
    diff-lcs (1.1.3)
    guard (1.3.2)
      listen (>= 0.4.2)
      thor (>= 0.14.6)
    guard-rspec (1.2.1)
      guard (>= 1.1)
    httparty (0.9.0)
      multi_json (~> 1.0)
      multi_xml
    listen (0.5.0)
    multi_json (1.5.0)
    multi_xml (0.5.1)
    nokogiri (1.5.5)
    rake (10.0.3)
    rb-fsevent (0.9.2)
    rspec (2.12.0)
      rspec-core (~> 2.12.0)
      rspec-expectations (~> 2.12.0)
      rspec-mocks (~> 2.12.0)
    rspec-core (2.12.1)
    rspec-expectations (2.12.0)
      diff-lcs (~> 1.1.3)
    rspec-mocks (2.12.0)
    thor (0.16.0)

PLATFORMS
  ruby

DEPENDENCIES
  gatherer!
  guard-rspec
  rake
  rb-fsevent (~> 0.9.1)
  rspec (~> 2.12.0)
